GEM
  remote: http://rubygems.org/
  specs:
    pg (0.18.3)

PLATFORMS
  ruby

DEPENDENCIES
  pg
